GEM
  remote: http://rubygems.org/
  specs:
    activesupport (5.0.0)
      concurrent-ruby (~> 1.0, >= 1.0.2)
      i18n (~> 0.7)
      minitest (~> 5.1)
      tzinfo (~> 1.1)
    babosa (1.0.2)
    backports (3.11.4)
    bond (0.5.1)
    bson (3.2.7)
    bson_ext (1.5.1)
    byebug (3.5.1)
      columnize (~> 0.8)
      debugger-linecache (~> 1.2)
      slop (~> 3.6)
    coderay (1.1.2)
    colorize (0.8.1)
    columnize (0.9.0)
    concurrent-ruby (1.0.5)
    debugger-linecache (1.2.0)
    domain_name (0.5.20180417)
      unf (>= 0.0.5, < 1.0.0)
    dotenv (2.5.0)
    faker (1.9.1)
      i18n (>= 0.7)
    http-cookie (1.0.3)
      domain_name (~> 0.5)
    httparty (0.16.2)
      multi_xml (>= 0.5.2)
    httpclient (2.5.2)
    i18n (0.9.5)
      concurrent-ruby (~> 1.0)
    json (2.0.2)
    kramdown (1.17.0)
    literate_randomizer (0.4.0)
    method_source (0.9.0)
    mime-types (2.99.3)
    mini_portile2 (2.4.0)
    minitest (5.11.3)
    mongo (2.1.2)
      bson (~> 3.0)
    multi_json (1.13.1)
    multi_xml (0.6.0)
    mustermann (1.0.3)
    netrc (0.11.0)
    nokogiri (1.10.1)
      mini_portile2 (~> 2.4.0)
    paint (2.0.1)
    postmark (1.14.0)
      json
      rake
    pry (0.11.3)
      coderay (~> 1.1.0)
      method_source (~> 0.9.0)
    pry-byebug (2.0.0)
      byebug (~> 3.4)
      pry (~> 0.10)
    puma (3.12.0)
    rack (2.0.5)
    rack-parser (0.6.0)
      rack
    rack-protection (2.0.4)
      rack
    rack-test (0.6.3)
      rack (>= 1.0)
    rake (12.3.1)
    redis (4.0.2)
    require_all (2.0.0)
    rest-client (1.8.0)
      http-cookie (>= 1.0.2, < 2.0)
      mime-types (>= 1.16, < 3.0)
      netrc (~> 0.7)
    ripl (0.7.1)
      bond (~> 0.5.1)
    ripl-color_result (0.4.1)
      ripl (>= 0.4.1)
      wirb (>= 0.4.0)
    ripl-multi_line (0.3.1)
      ripl (>= 0.3.6)
    ripl-rack (0.2.1)
      rack (>= 1.0)
      rack-test (~> 0.6.2)
      ripl (>= 0.7.0)
    sinatra (2.0.4)
      mustermann (~> 1.0)
      rack (~> 2.0)
      rack-protection (= 2.0.4)
      tilt (~> 2.0)
    sinatra-contrib (2.0.4)
      activesupport (>= 4.0.0)
      backports (>= 2.8.2)
      multi_json
      mustermann (~> 1.0)
      rack-protection (= 2.0.4)
      sinatra (= 2.0.4)
      tilt (>= 1.3, < 3)
    sinatra-cross_origin (0.3.2)
    sinatra-reloader (1.0)
      sinatra-contrib
    slop (3.6.0)
    thread_safe (0.3.6)
    tilt (2.0.8)
    tux (0.3.0)
      ripl (>= 0.3.5)
      ripl-multi_line (>= 0.2.4)
      ripl-rack (>= 0.2.0)
      sinatra (>= 1.2.1)
    tzinfo (1.2.5)
      thread_safe (~> 0.1)
    unf (0.1.4)
      unf_ext
    unf_ext (0.0.7.5)
    wirb (2.1.2)
      paint (>= 0.9, < 3.0)

PLATFORMS
  ruby

DEPENDENCIES
  activesupport (= 5.0.0)
  babosa (= 1.0.2)
  bson_ext
  colorize
  dotenv
  faker
  httparty
  httpclient (= 2.5.2)
  json (= 2.0.2)
  kramdown
  literate_randomizer
  mongo (~> 2.1.0)
  nokogiri
  postmark
  pry-byebug (= 2.0.0)
  puma
  rack-parser (= 0.6.0)
  redis
  require_all
  rest-client
  ripl-color_result
  sinatra
  sinatra-contrib
  sinatra-cross_origin (~> 0.3.1)
  sinatra-reloader
  tux

RUBY VERSION
   ruby 2.5.1p57

BUNDLED WITH
   1.16.2
